GEM
  remote: https://rubygems.org/
  specs:
    colored (1.2)
    mini_portile2 (2.1.0)
    nokogiri (1.6.8.1)
      mini_portile2 (~> 2.1.0)
    rprogram (0.3.2)
    ruby-nmap (0.9.1)
      nokogiri (~> 1.3)
      rprogram (~> 0.3)
    thor (0.19.1)

PLATFORMS
  ruby

DEPENDENCIES
  colored
  ruby-nmap
  thor

BUNDLED WITH
   1.13.2
